GIT
  remote: git://github.com/hubertlepicki/metric_abc.git
  revision: e74b6ce338000b210ba75aed70c2afdb1c597961
  specs:
    metric_abc (0.0.3)

GEM
  remote: http://rubygems.org/
  specs:
    diff-lcs (1.1.3)
    rspec (2.8.0)
      rspec-core (~> 2.8.0)
      rspec-expectations (~> 2.8.0)
      rspec-mocks (~> 2.8.0)
    rspec-core (2.8.0)
    rspec-expectations (2.8.0)
      diff-lcs (~> 1.1.2)
    rspec-mocks (2.8.0)

PLATFORMS
  ruby

DEPENDENCIES
  metric_abc (~> 0.0.3)!
  rspec (= 2.8.0)
